GEM
  specs:
    artii (2.1.2)
    colorize (0.8.1)
    diff-lcs (1.4.4)
    rainbow (3.0.0)
    rspec (3.10.0)
      rspec-core (~> 3.10.0)
      rspec-expectations (~> 3.10.0)
      rspec-mocks (~> 3.10.0)
    rspec-core (3.10.1)
      rspec-support (~> 3.10.0)
    rspec-expectations (3.10.1)
      diff-lcs (>= 1.2.0, < 2.0)
      rspec-support (~> 3.10.0)
    rspec-mocks (3.10.2)
      diff-lcs (>= 1.2.0, < 2.0)
      rspec-support (~> 3.10.0)
    rspec-support (3.10.2)

PLATFORMS
  arm64-darwin-20

DEPENDENCIES
  artii (~> 2.1)
  colorize (~> 0.8.1)
  rainbow (~> 3.0)
  rspec (~> 3.10)

BUNDLED WITH
   2.2.15
